GEM
  remote: http://rubygems.org/
  specs:
    actioncable (5.1.7)
      actionpack (= 5.1.7)
      nio4r (~> 2.0)
      websocket-driver (~> 0.6.1)
    actionmailer (5.1.7)
      actionpack (= 5.1.7)
      actionview (= 5.1.7)
      activejob (= 5.1.7)
      mail (~> 2.5, >= 2.5.4)
      rails-dom-testing (~> 2.0)
    actionpack (5.1.7)
      actionview (= 5.1.7)
      activesupport (= 5.1.7)
      rack (~> 2.0)
      rack-test (>= 0.6.3)
      rails-dom-testing (~> 2.0)
      rails-html-sanitizer (~> 1.0, >= 1.0.2)
    actionview (5.1.7)
      activesupport (= 5.1.7)
      builder (~> 3.1)
      erubi (~> 1.4)
      rails-dom-testing (~> 2.0)
      rails-html-sanitizer (~> 1.0, >= 1.0.3)
    activejob (5.1.7)
      activesupport (= 5.1.7)
      globalid (>= 0.3.6)
    activemodel (5.1.7)
      activesupport (= 5.1.7)
    activerecord (5.1.7)
      activemodel (= 5.1.7)
      activesupport (= 5.1.7)
      arel (~> 8.0)
    activesupport (5.1.7)
      concurrent-ruby (~> 1.0, >= 1.0.2)
      i18n (>= 0.7, < 2)
      minitest (~> 5.1)
      tzinfo (~> 1.1)
    arel (8.0.0)
    bcrypt (3.1.18)
    builder (3.2.4)
    byebug (11.1.3)
    concurrent-ruby (1.2.2)
    crass (1.0.6)
    daemons (1.4.1)
    date (3.3.3)
    devise (4.9.2)
      bcrypt (~> 3.0)
      orm_adapter (~> 0.1)
      railties (>= 4.1.0)
      responders
      warden (~> 1.2.3)
    diff-lcs (1.5.0)
    erubi (1.12.0)
    eventmachine (1.2.7)
    factory_girl (2.0.5)
    factory_girl_rails (1.1.0)
      factory_girl (~> 2.0.0)
      railties (>= 3.0.0)
    foreman (0.20.0)
      term-ansicolor (~> 1.0.5)
      thor (>= 0.13.6)
    globalid (1.1.0)
      activesupport (>= 5.0)
    google_visualr (2.5.1)
    i18n (1.13.0)
      concurrent-ruby (~> 1.0)
    loofah (2.20.0)
      crass (~> 1.0.2)
      nokogiri (>= 1.5.9)
    magic_encoding (0.0.2)
    mail (2.8.1)
      mini_mime (>= 0.1.1)
      net-imap
      net-pop
      net-smtp
    method_source (1.0.0)
    mini_mime (1.1.2)
    minitest (5.18.0)
    multi_json (1.0.4)
    net-imap (0.3.4)
      date
      net-protocol
    net-pop (0.1.2)
      net-protocol
    net-protocol (0.2.1)
      timeout
    net-smtp (0.3.3)
      net-protocol
    newrelic_rpm (9.2.2)
    nio4r (2.5.9)
    nokogiri (1.14.3-arm64-darwin)
      racc (~> 1.4)
    orm_adapter (0.5.0)
    pg (1.5.3)
    racc (1.6.2)
    rack (2.2.7)
    rack-test (2.1.0)
      rack (>= 1.3)
    rails (5.1.7)
      actioncable (= 5.1.7)
      actionmailer (= 5.1.7)
      actionpack (= 5.1.7)
      actionview (= 5.1.7)
      activejob (= 5.1.7)
      activemodel (= 5.1.7)
      activerecord (= 5.1.7)
      activesupport (= 5.1.7)
      bundler (>= 1.3.0)
      railties (= 5.1.7)
      sprockets-rails (>= 2.0.0)
    rails-dom-testing (2.0.3)
      activesupport (>= 4.2.0)
      nokogiri (>= 1.6)
    rails-html-sanitizer (1.5.0)
      loofah (~> 2.19, >= 2.19.1)
    rails-jquery-autocomplete (1.0.5)
      rails (>= 3.2)
    railties (5.1.7)
      actionpack (= 5.1.7)
      activesupport (= 5.1.7)
      method_source
      rake (>= 0.8.7)
      thor (>= 0.18.1, < 2.0)
    rake (13.0.6)
    responders (3.0.1)
      actionpack (>= 5.0)
      railties (>= 5.0)
    rspec-core (3.12.2)
      rspec-support (~> 3.12.0)
    rspec-expectations (3.12.3)
      diff-lcs (>= 1.2.0, < 2.0)
      rspec-support (~> 3.12.0)
    rspec-mocks (3.12.5)
      diff-lcs (>= 1.2.0, < 2.0)
      rspec-support (~> 3.12.0)
    rspec-rails (4.1.2)
      actionpack (>= 4.2)
      activesupport (>= 4.2)
      railties (>= 4.2)
      rspec-core (~> 3.10)
      rspec-expectations (~> 3.10)
      rspec-mocks (~> 3.10)
      rspec-support (~> 3.10)
    rspec-support (3.12.0)
    shoulda-matchers (1.0.0.beta2)
    silent-postgres (0.1.1)
    simplecov (0.5.3)
      multi_json (~> 1.0.3)
      simplecov-html (~> 0.5.3)
    simplecov-html (0.5.3)
    sprockets (4.2.0)
      concurrent-ruby (~> 1.0)
      rack (>= 2.2.4, < 4)
    sprockets-rails (3.2.2)
      actionpack (>= 4.0)
      activesupport (>= 4.0)
      sprockets (>= 3.0.0)
    term-ansicolor (1.0.7)
    thin (1.8.2)
      daemons (~> 1.0, >= 1.0.9)
      eventmachine (~> 1.0, >= 1.0.4)
      rack (>= 1, < 3)
    thor (1.2.1)
    thread_safe (0.3.6)
    timecop (0.3.5)
    timeout (0.3.2)
    tzinfo (1.2.11)
      thread_safe (~> 0.1)
    warden (1.2.9)
      rack (>= 2.0.9)
    websocket-driver (0.6.5)
      websocket-extensions (>= 0.1.0)
    websocket-extensions (0.1.5)

PLATFORMS
  arm64-darwin-20

DEPENDENCIES
  byebug
  devise
  factory_girl_rails
  foreman (= 0.20.0)
  google_visualr
  magic_encoding (= 0.0.2)
  minitest
  newrelic_rpm
  pg
  rails (= 5.1.7)
  rails-jquery-autocomplete
  rake
  rspec-rails
  shoulda-matchers
  silent-postgres
  simplecov (= 0.5.3)
  thin
  timecop (= 0.3.5)

BUNDLED WITH
   2.2.15
